GIT
  remote: git://github.com/mlapshin/foodtaster.git
  revision: 160a1eb7cff63760ded8887faa1e2d3603c08634
  specs:
    foodtaster (0.0.2)
      rspec (>= 2.10.0)

GEM
  remote: https://rubygems.org/
  specs:
    diff-lcs (1.2.4)
    rspec (2.14.1)
      rspec-core (~> 2.14.0)
      rspec-expectations (~> 2.14.0)
      rspec-mocks (~> 2.14.0)
    rspec-core (2.14.5)
    rspec-expectations (2.14.2)
      diff-lcs (>= 1.1.3, < 2.0)
    rspec-mocks (2.14.3)

PLATFORMS
  ruby

DEPENDENCIES
  foodtaster!
  rspec
